GEM
  remote: http://rubygems.org/
  specs:
    albino (1.3.3)
      posix-spawn (>= 0.3.6)
    anemone (0.6.1)
      nokogiri (>= 1.3.0)
      robots (>= 0.7.2)
    blankslate (2.1.2.4)
    chunky_png (1.2.4)
    classifier (1.3.3)
      fast-stemmer (>= 1.0.0)
    compass (0.11.5)
      chunky_png (~> 1.2)
      fssm (>= 0.2.7)
      sass (~> 3.1)
    compass-susy-plugin (0.9)
      compass (>= 0.11.1)
    directory_watcher (1.4.1)
    fast-stemmer (1.0.0)
    ffi (1.0.9)
    fssm (0.2.7)
    jekyll (0.11.0)
      albino (>= 1.3.2)
      classifier (>= 1.3.1)
      directory_watcher (>= 1.1.1)
      kramdown (>= 0.13.2)
      liquid (>= 1.9.0)
      maruku (>= 0.5.9)
    kramdown (0.13.3)
    liquid (2.2.2)
    maruku (0.6.0)
      syntax (>= 1.0.0)
    nokogiri (1.5.0)
    posix-spawn (0.3.6)
    pygments.rb (0.2.1)
      rubypython (>= 0.5.1)
    rack (1.3.3)
    rack-jekyll (0.3.5)
      jekyll
      rack
    rdiscount (1.6.8)
    robots (0.10.1)
    rubypython (0.5.1)
      blankslate (>= 2.1.2.3)
      ffi (~> 1.0.7)
    sass (3.1.7)
    syntax (1.0.0)

PLATFORMS
  ruby

DEPENDENCIES
  anemone (~> 0.6.1)
  compass (~> 0.11.5)
  compass-susy-plugin (~> 0.9)
  jekyll (~> 0.11.0)
  pygments.rb (~> 0.2.1)
  rack-jekyll (~> 0.3.5)
  rdiscount (~> 1.6.0)
